PATH
  remote: lib
  specs:
    rulers (0.1.0)
      rack (~> 1)

GEM
  remote: https://rubygems.org/
  specs:
    erubis (2.7.0)
    multi_json (1.11.2)
    rack (1.6.4)
    shotgun (0.9.1)
      rack (>= 1.0)

PLATFORMS
  ruby

DEPENDENCIES
  erubis
  multi_json
  rulers!
  shotgun

BUNDLED WITH
   1.10.6
